GEM
  remote: https://rubygems.org/
  specs:
    google-map-stitch (0.1.4)
      rmagick
    rmagick (2.16.0)

PLATFORMS
  ruby

DEPENDENCIES
  google-map-stitch (~> 0.1.4)
